GIT
  remote: git://github.com/mwpastore/sinja-sequel.git
  revision: bdfb69663bea599639528d9637e4155b25e070dd
  specs:
    sinja-sequel (0.1.6)
      sequel (~> 4.44)
      sinja (~> 1.2)

GIT
  remote: git://github.com/mwpastore/sinja.git
  revision: c685dc96103a0f62074ae1dc3fbb7a5c7c17a4a4
  specs:
    sinja (1.2.5)
      activesupport (>= 4.2.8, < 6)
      json (>= 1.8.3, < 3)
      jsonapi-serializers (>= 0.16.2, < 2)
      sinatra (>= 2.0.0.rc1, < 3)
      sinatra-contrib (>= 2.0.0.rc1, < 3)

GIT
  remote: git://github.com/sinatra/sinatra.git
  revision: d0c4053fd459be9f2c207cfeec5c0606461c014b
  specs:
    rack-protection (2.0.0.rc1)
      rack
    sinatra (2.0.0.rc1)
      mustermann (= 1.0.0)
      rack (~> 2.0)
      rack-protection (= 2.0.0.rc1)
      tilt (~> 2.0)
    sinatra-contrib (2.0.0.rc1)
      backports (>= 2.0)
      multi_json
      mustermann (= 1.0.0)
      rack-protection (= 2.0.0.rc1)
      sinatra (= 2.0.0.rc1)
      tilt (>= 1.3, < 3)

GEM
  remote: https://rubygems.org/
  specs:
    activesupport (5.0.2)
      concurrent-ruby (~> 1.0, >= 1.0.2)
      i18n (~> 0.7)
      minitest (~> 5.1)
      tzinfo (~> 1.1)
    backports (3.6.8)
    concurrent-ruby (1.0.5)
    i18n (0.8.1)
    json (2.0.3)
    jsonapi-serializers (1.0.0)
      activesupport
    minitest (5.10.1)
    multi_json (1.12.1)
    mustermann (1.0.0)
    pg (0.20.0)
    puma (3.8.1)
    rack (2.0.1)
    sequel (4.44.0)
    sequel_pg (1.6.17)
      pg (>= 0.8.0)
      sequel (>= 4.0.0)
    thread_safe (0.3.6)
    tilt (2.0.6)
    tzinfo (1.2.2)
      thread_safe (~> 0.1)

PLATFORMS
  ruby

DEPENDENCIES
  puma
  sequel
  sequel_pg
  sinatra!
  sinja!
  sinja-sequel!

RUBY VERSION
   ruby 2.4.0p0

BUNDLED WITH
   1.13.7
